PATH
  remote: .
  specs:
    powerdown (0.0.1)
      powerpoint (~> 1.4)

GEM
  remote: https://rubygems.org/
  specs:
    diff-lcs (1.2.5)
    powerpoint (1.4)
      rubyzip (~> 1.0.0)
    rake (10.4.2)
    rspec (3.1.0)
      rspec-core (~> 3.1.0)
      rspec-expectations (~> 3.1.0)
      rspec-mocks (~> 3.1.0)
    rspec-core (3.1.7)
      rspec-support (~> 3.1.0)
    rspec-expectations (3.1.2)
      diff-lcs (>= 1.2.0, < 2.0)
      rspec-support (~> 3.1.0)
    rspec-mocks (3.1.3)
      rspec-support (~> 3.1.0)
    rspec-support (3.1.2)
    rubyzip (1.0.0)

PLATFORMS
  ruby

DEPENDENCIES
  bundler
  powerdown!
  rake
  rspec
